GEM
  remote: https://rubygems.org/
  specs:
    rake (10.3.1)
    sass (3.3.7)

PLATFORMS
  ruby

DEPENDENCIES
  rake
  sass
